GEM
  remote: https://rubygems.org/
  specs:
    actionmailer (2.3.18)
      actionpack (= 2.3.18)
    actionpack (2.3.18)
      activesupport (= 2.3.18)
      rack (~> 1.1.0)
    activerecord (2.3.18)
      activesupport (= 2.3.18)
    activeresource (2.3.18)
      activesupport (= 2.3.18)
    activesupport (2.3.18)
    devise (1.0.6)
      warden (~> 0.10.3)
    json (1.8.3)
    rack (1.1.6)
    rails (2.3.18)
      actionmailer (= 2.3.18)
      actionpack (= 2.3.18)
      activerecord (= 2.3.18)
      activeresource (= 2.3.18)
      activesupport (= 2.3.18)
      rake (>= 0.8.3)
    rake (0.8.7)
    rdoc (4.2.0)
      json (~> 1.4)
    simple_form (1.4.1)
    sqlite3 (1.3.10)
    warden (0.10.7)
      rack (>= 1.0.0)

PLATFORMS
  ruby

DEPENDENCIES
  devise (= 1.0.6)
  rails (= 2.3.18)
  rake (= 0.8.7)
  rdoc
  simple_form
  sqlite3

BUNDLED WITH
   1.10.6
